GEM
  remote: https://rubygems.org/
  specs:
    haml (4.0.5)
      tilt
    httparty (0.13.0)
      json (~> 1.8)
      multi_xml (>= 0.5.2)
    jsmin (1.0.1)
    json (1.8.1)
    multi_xml (0.5.5)
    oauth (0.4.7)
    rack (1.5.2)
    rack-protection (1.5.2)
      rack
    rack-test (0.6.2)
      rack (>= 1.0)
    sinatra (1.4.4)
      rack (~> 1.4)
      rack-protection (~> 1.4)
      tilt (~> 1.3, >= 1.3.4)
    sinatra-assetpack (0.3.2)
      jsmin
      rack-test
      sinatra
      tilt (>= 1.3.0, < 2.0)
    tilt (1.4.1)

PLATFORMS
  ruby

DEPENDENCIES
  haml
  httparty
  oauth
  sinatra
  sinatra-assetpack
